PATH
  remote: .
  specs:
    hcl (0.4.14)
      chronic (~> 0.10.2)
      escape_utils (~> 1.0.1)
      faraday (~> 0.9.0)
      gem-man (~> 0.3.0)
      highline (~> 1.6.20)
      pry (~> 0.9.12)
      trollop (~> 2.0)
      yajl-ruby (~> 1.1.0)

GEM
  remote: https://rubygems.org/
  specs:
    byebug (3.0.0)
      columnize (~> 0.3)
      debugger-linecache (~> 1.2)
    chronic (0.10.2)
    coderay (1.1.0)
    columnize (0.3.6)
    debugger-linecache (1.2.0)
    docile (1.1.2)
    escape_utils (1.0.1)
    faraday (0.9.0)
      multipart-post (>= 1.2, < 3)
    ffi (1.9.3-java)
    gem-man (0.3.0)
    highline (1.6.21)
    hpricot (0.8.6)
    hpricot (0.8.6-java)
    metaclass (0.0.2)
    method_source (0.8.2)
    minitest (5.2.2)
    mocha (1.0.0)
      metaclass (~> 0.0.1)
    multi_json (1.8.4)
    multipart-post (2.0.0)
    mustache (0.99.5)
    pry (0.9.12.4)
      coderay (~> 1.0)
      method_source (~> 0.8)
      slop (~> 3.4)
    pry (0.9.12.4-java)
      coderay (~> 1.0)
      method_source (~> 0.8)
      slop (~> 3.4)
      spoon (~> 0.0)
    rake (10.1.1)
    rdiscount (2.1.7)
    ronn (0.7.3)
      hpricot (>= 0.8.2)
      mustache (>= 0.7.0)
      rdiscount (>= 1.5.8)
    rubinius-coverage (2.0.3)
    rubygems-tasks (0.2.4)
    rubysl-abbrev (2.0.4)
    rubysl-coverage (2.0.3)
    rubysl-rexml (2.0.2)
    rubysl-singleton (2.0.0)
    simplecov (0.8.2)
      docile (~> 1.1.0)
      multi_json
      simplecov-html (~> 0.8.0)
    simplecov-html (0.8.0)
    slop (3.4.7)
    spoon (0.0.4)
      ffi
    trollop (2.0)
    yajl-ruby (1.1.0)
    yard (0.8.7.3)

PLATFORMS
  java
  ruby

DEPENDENCIES
  byebug
  hcl!
  minitest
  mocha
  rake
  ronn
  rubinius-coverage
  rubygems-tasks
  rubysl-abbrev
  rubysl-coverage
  rubysl-rexml
  rubysl-singleton
  simplecov
  yajl-ruby
  yard

BUNDLED WITH
   1.10.2
